GEM
  remote: https://rubygems.org/
  specs:
    net-sftp (4.0.0)
      net-ssh (>= 5.0.0, < 8.0.0)
    net-ssh (7.2.1)
    nio4r (2.7.0)
    puma (6.4.2)
      nio4r (~> 2.0)

PLATFORMS
  arm64-darwin-23
  ruby

DEPENDENCIES
  net-sftp
  puma

RUBY VERSION
   ruby 3.2.3p157

BUNDLED WITH
   2.5.6
